GEM
  remote: https://rubygems.org/
  specs:
    addressable (2.2.8)
    ansi (1.4.2)
    crack (0.3.1)
    faraday (0.8.1)
      multipart-post (~> 1.1)
    minitest (3.1.0)
    multi_json (1.3.6)
    multipart-post (1.1.5)
    rake (0.9.2.2)
    simplecov (0.6.4)
      multi_json (~> 1.0)
      simplecov-html (~> 0.5.3)
    simplecov-html (0.5.3)
    turn (0.9.5)
      ansi
    vcr (2.0.1)
    webmock (1.8.9)
      addressable (>= 2.2.7)
      crack (>= 0.1.7)

PLATFORMS
  ruby

DEPENDENCIES
  addressable
  faraday
  minitest
  rake
  simplecov
  turn
  vcr (~> 2.0.0)
  webmock (~> 1.8.3)
