GEM
  remote: https://rubygems.org/
  specs:
    addressable (2.2.8)
    ansi (1.4.2)
    faraday (0.8.1)
      multipart-post (~> 1.1)
    minitest (3.1.0)
    multipart-post (1.1.5)
    rake (0.9.2.2)
    turn (0.9.5)
      ansi

PLATFORMS
  ruby

DEPENDENCIES
  addressable
  faraday
  minitest
  rake
  turn
