PATH
  remote: .
  specs:
    veritrans (2.4.0)
      excon (~> 0.20)

GEM
  remote: https://rubygems.org/
  specs:
    excon (0.85.0)
    minitest (5.14.4)
    mustermann (1.1.1)
      ruby2_keywords (~> 0.0.1)
    nio4r (2.5.8)
    puma (5.5.0)
      nio4r (~> 2.0)
    rack (2.2.3)
    rack-protection (2.2.0)
      rack
    ruby2_keywords (0.0.5)
    sinatra (2.2.0)
      mustermann (~> 1.0)
      rack (~> 2.2)
      rack-protection (= 2.2.0)
      tilt (~> 2.0)
    sqlite3 (1.4.2)
    tilt (2.0.10)

PLATFORMS
  ruby
  x86_64-darwin-19

DEPENDENCIES
  minitest (~> 5.14, >= 5.14.4)
  puma
  sinatra
  sqlite3
  tilt
  veritrans!

BUNDLED WITH
   2.2.26
